PATH
  remote: .
  specs:
    ruby_interface (0.3.1)

GEM
  remote: https://rubygems.org/
  specs:
    awesome_print (1.7.0)
    diff-lcs (1.2.5)
    rake (10.5.0)
    rspec (3.5.0)
      rspec-core (~> 3.5.0)
      rspec-expectations (~> 3.5.0)
      rspec-mocks (~> 3.5.0)
    rspec-core (3.5.2)
      rspec-support (~> 3.5.0)
    rspec-expectations (3.5.0)
      diff-lcs (>= 1.2.0, < 2.0)
      rspec-support (~> 3.5.0)
    rspec-mocks (3.5.0)
      diff-lcs (>= 1.2.0, < 2.0)
      rspec-support (~> 3.5.0)
    rspec-support (3.5.0)

PLATFORMS
  ruby

DEPENDENCIES
  awesome_print
  bundler (~> 1.11)
  rake (~> 10.0)
  rspec
  ruby_interface!

BUNDLED WITH
   1.12.5
